PATH
  remote: .
  specs:
    ruby-cldr-timezones (0.0.6)
      tzinfo

GEM
  remote: https://rubygems.org/
  specs:
    bump (0.3.9)
    diff-lcs (1.1.3)
    i18n (0.6.1)
    nokogiri (1.5.6)
    rake (10.0.3)
    rspec (2.12.0)
      rspec-core (~> 2.12.0)
      rspec-expectations (~> 2.12.0)
      rspec-mocks (~> 2.12.0)
    rspec-core (2.12.2)
    rspec-expectations (2.12.1)
      diff-lcs (~> 1.1.3)
    rspec-mocks (2.12.2)
    ruby-cldr (0.0.2)
      i18n
      nokogiri
      thor
      ya2yaml
    thor (0.17.0)
    tzinfo (0.3.33)
    ya2yaml (0.31)

PLATFORMS
  ruby

DEPENDENCIES
  bump
  rake
  rspec (~> 2)
  ruby-cldr
  ruby-cldr-timezones!
  tzinfo
